PATH
  remote: .
  specs:
    boolean_attribute_store (1.0.0)
      activesupport (~> 6.1)

GEM
  remote: https://rubygems.org/
  specs:
    activesupport (6.1.7.4)
      concurrent-ruby (~> 1.0, >= 1.0.2)
      i18n (>= 1.6, < 2)
      minitest (>= 5.1)
      tzinfo (~> 2.0)
      zeitwerk (~> 2.3)
    concurrent-ruby (1.2.2)
    i18n (1.14.1)
      concurrent-ruby (~> 1.0)
    minitest (5.18.1)
    rake (13.0.6)
    tzinfo (2.0.6)
      concurrent-ruby (~> 1.0)
    zeitwerk (2.6.4)

PLATFORMS
  arm64-darwin-22

DEPENDENCIES
  boolean_attribute_store!
  minitest (~> 5.0)
  rake (~> 13.0)

BUNDLED WITH
   2.4.3
